GIT
  remote: https://github.com/Xalgorithms/xa-rules.git
  revision: 1e820269c656faef2ad49c11a6cbf97b1a5168ff
  specs:
    xa-rules (0.4.0)
      parslet

GIT
  remote: https://github.com/Xalgorithms/xa-ubl.git
  revision: 23f1dcf31be4877cc7e9f32f8f882fd9f85f3dda
  specs:
    xa-ubl (0.0.9)
      activesupport
      nokogiri

GIT
  remote: https://github.com/karfai/radish.git
  revision: 93c25a62dc1f8337b3a583dc11c85c158ae8d18b
  specs:
    radish (0.1.0)
      multi_json

GEM
  remote: https://rubygems.org/
  specs:
    activesupport (5.2.1)
      concurrent-ruby (~> 1.0, >= 1.0.2)
      i18n (>= 0.7, < 2)
      minitest (~> 5.1)
      tzinfo (~> 1.1)
    bson (4.3.0)
    cassandra-driver (3.2.3)
      ione (~> 1.2)
    coderay (1.1.2)
    concurrent-ruby (1.0.5)
    digest-crc (0.4.1)
    eventmachine (1.2.7)
    faker (1.9.1)
      i18n (>= 0.7)
    faraday (0.15.3)
      multipart-post (>= 1.2, < 3)
    faraday_middleware (0.12.2)
      faraday (>= 0.7.4, < 1.0)
    faye-websocket (0.10.7)
      eventmachine (>= 0.12.0)
      websocket-driver (>= 0.5.1)
    i18n (1.1.0)
      concurrent-ruby (~> 1.0)
    ione (1.2.4)
    method_source (0.9.0)
    mini_portile2 (2.4.0)
    minitest (5.11.3)
    mongo (2.6.2)
      bson (>= 4.3.0, < 5.0.0)
    multi_json (1.13.1)
    multipart-post (2.0.0)
    nokogiri (1.10.8)
      mini_portile2 (~> 2.4.0)
    parslet (1.8.2)
    pry (0.11.3)
      coderay (~> 1.1.0)
      method_source (~> 0.9.0)
    rainbow (3.0.0)
    ruby-kafka (0.7.2)
      digest-crc
    terminal-table (1.8.0)
      unicode-display_width (~> 1.1, >= 1.1.1)
    thor (0.20.0)
    thread_safe (0.3.6)
    tzinfo (1.2.5)
      thread_safe (~> 0.1)
    unicode-display_width (1.4.0)
    websocket-driver (0.7.0)
      websocket-extensions (>= 0.1.0)
    websocket-extensions (0.1.3)

PLATFORMS
  ruby

DEPENDENCIES
  activesupport
  cassandra-driver
  faker
  faraday
  faraday_middleware
  faye-websocket
  mongo
  multi_json
  pry
  radish!
  rainbow
  ruby-kafka
  terminal-table
  thor
  xa-rules!
  xa-ubl!

RUBY VERSION
   ruby 2.4.2p198

BUNDLED WITH
   1.16.1
