GIT
  remote: https://github.com/Xalgorithms/xa-rules.git
  revision: 3c467632a928a652d37860aaae7f9d137c0a66ae
  specs:
    xa-rules (0.2.2)
      parslet

GIT
  remote: https://github.com/Xalgorithms/xa-ubl.git
  revision: 23f1dcf31be4877cc7e9f32f8f882fd9f85f3dda
  specs:
    xa-ubl (0.0.9)
      activesupport
      nokogiri

GIT
  remote: https://github.com/karfai/radish.git
  revision: 93c25a62dc1f8337b3a583dc11c85c158ae8d18b
  specs:
    radish (0.1.0)
      multi_json

GEM
  remote: https://rubygems.org/
  specs:
    activesupport (5.2.0)
      concurrent-ruby (~> 1.0, >= 1.0.2)
      i18n (>= 0.7, < 2)
      minitest (~> 5.1)
      tzinfo (~> 1.1)
    bson (4.3.0)
    cassandra-driver (3.2.2)
      ione (~> 1.2)
    coderay (1.1.2)
    concurrent-ruby (1.0.5)
    faker (1.8.7)
      i18n (>= 0.7)
    faraday (0.15.2)
      multipart-post (>= 1.2, < 3)
    faraday_middleware (0.12.2)
      faraday (>= 0.7.4, < 1.0)
    i18n (1.0.1)
      concurrent-ruby (~> 1.0)
    ione (1.2.4)
    method_source (0.9.0)
    mini_portile2 (2.3.0)
    minitest (5.11.3)
    mongo (2.6.0)
      bson (>= 4.3.0, < 5.0.0)
    multi_json (1.13.1)
    multipart-post (2.0.0)
    nokogiri (1.8.3)
      mini_portile2 (~> 2.3.0)
    parslet (1.8.2)
    pry (0.11.3)
      coderay (~> 1.1.0)
      method_source (~> 0.9.0)
    rainbow (3.0.0)
    ruby-kafka (0.6.7)
    thor (0.20.0)
    thread_safe (0.3.6)
    tzinfo (1.2.5)
      thread_safe (~> 0.1)

PLATFORMS
  ruby

DEPENDENCIES
  activesupport
  cassandra-driver
  faker
  faraday
  faraday_middleware
  mongo
  multi_json
  pry
  radish!
  rainbow
  ruby-kafka
  thor
  xa-rules!
  xa-ubl!

RUBY VERSION
   ruby 2.4.2p198

BUNDLED WITH
   1.16.1
